GEM
  remote: http://rubygems.org/
  specs:
    builder (3.2.3)
    jenkins-plugin-runtime (0.2.3)
      json
      slop (~> 3.0.2)
    jenkins-war (1.514)
    jpi (0.4.1)
      bundler
      jenkins-plugin-runtime (~> 0.2.3)
      jenkins-war (> 1.427)
      rubyzip (~> 1.1.0)
      thor
    json (2.1.0)
    json (2.1.0-java)
    mime-types (2.99.3)
    rubyzip (1.1.7)
    slop (3.0.4)
    thor (0.20.0)

PLATFORMS
  java
  ruby

DEPENDENCIES
  builder
  jenkins-plugin-runtime (~> 0.2.3)
  jpi
  mime-types
